GEM
  remote: https://rubygems.org/
  specs:
    PageRankr (4.6.0)
      addressable
      httparty (>= 0.9.0)
      json (>= 1.4.6)
      jsonpath (>= 0.4.2)
      nokogiri (>= 1.4.1)
      public_suffix (~> 1.5.1)
    addressable (2.3.8)
    httparty (0.13.7)
      json (~> 1.8)
      multi_xml (>= 0.5.2)
    json (1.8.3)
    jsonpath (0.5.7)
      multi_json
    mini_portile (0.6.2)
    multi_json (1.11.2)
    multi_xml (0.5.5)
    nokogiri (1.6.6.2)
      mini_portile (~> 0.6.0)
    public_suffix (1.5.1)

PLATFORMS
  ruby

DEPENDENCIES
  PageRankr (~> 4.6.0)
  nokogiri (~> 1.6.6.2)

BUNDLED WITH
   1.10.6
